GENERATE-LOAD-SCRIPTS: ON
STORAGE: NONE
RESTRICTION: || (== net50) (== netstandard2.1)
NUGET
  remote: https://api.nuget.org/v3/index.json
    Argu (6.1.1)
      FSharp.Core (>= 4.3.2)
      System.Configuration.ConfigurationManager (>= 4.4)
    Chessie (0.6)
      FSharp.Core (>= 4.0.1.7-alpha)
      NETStandard.Library (>= 1.6)
    Fable.Core (3.2.4)
      FSharp.Core (>= 4.7.2)
    FSharp.Control.AsyncSeq (3.0.3)
      FSharp.Core (>= 4.3.2)
    FSharp.Core (5.0.1)
    FSharpx.Async (1.14.1)
      FSharp.Control.AsyncSeq (>= 2.0.21)
      FSharp.Core (>= 4.6.2)
    FSharpx.Collections (2.1.3)
      FSharp.Core (>= 4.3.4)
    FSharpx.Extras (2.5)
      FSharp.Core (>= 4.6.2)
      FSharpx.Async (>= 1.14.1)
      FSharpx.Collections (>= 2.1.2)
      System.Reflection.Emit.Lightweight (>= 4.7)
    FsToolkit.ErrorHandling (2.0)
      FSharp.Core (>= 4.6.2)
    Microsoft.NETCore.Platforms (5.0.1)
    Microsoft.Win32.SystemEvents (5.0) - restriction: || (== net50) (&& (== netstandard2.1) (>= netcoreapp3.0))
      Microsoft.NETCore.Platforms (>= 5.0) - restriction: || (== net50) (&& (== netstandard2.1) (>= netcoreapp2.0))
    Mono.Cecil (0.11.3)
    NETStandard.Library (2.0.3)
      Microsoft.NETCore.Platforms (>= 1.1)
    Newtonsoft.Json (12.0.3)
    Paket.Core (5.257)
      Chessie (>= 0.6)
      Mono.Cecil (>= 0.10.0-beta6)
      Newtonsoft.Json (>= 10.0.3)
      System.Net.Http.WinHttpHandler (>= 4.5)
      System.Security.Cryptography.ProtectedData (>= 4.4)
    System.Buffers (4.5.1) - restriction: || (&& (== net50) (>= monotouch)) (&& (== net50) (>= net461)) (&& (== net50) (< netcoreapp2.0)) (&& (== net50) (>= xamarinios)) (&& (== net50) (>= xamarinmac)) (&& (== net50) (>= xamarintvos)) (&& (== net50) (>= xamarinwatchos)) (== netstandard2.1)
    System.Configuration.ConfigurationManager (5.0)
      System.Security.Cryptography.ProtectedData (>= 5.0)
      System.Security.Permissions (>= 5.0)
    System.Drawing.Common (5.0.1) - restriction: || (== net50) (&& (== netstandard2.1) (>= netcoreapp3.0))
      Microsoft.Win32.SystemEvents (>= 5.0) - restriction: || (== net50) (&& (== netstandard2.1) (>= netcoreapp2.0)) (&& (== netstandard2.1) (>= netcoreapp3.0))
    System.Memory (4.5.4) - restriction: || (&& (== net50) (>= net461)) (&& (== net50) (< netcoreapp2.0)) (&& (== net50) (< netcoreapp2.1)) (&& (== net50) (>= uap10.1)) (== netstandard2.1)
      System.Buffers (>= 4.5.1) - restriction: || (&& (== net50) (>= monotouch)) (&& (== net50) (>= net461)) (&& (== net50) (< netcoreapp2.0)) (&& (== net50) (< netstandard1.1)) (&& (== net50) (< netstandard2.0)) (&& (== net50) (>= xamarinios)) (&& (== net50) (>= xamarinmac)) (&& (== net50) (>= xamarintvos)) (&& (== net50) (>= xamarinwatchos)) (== netstandard2.1)
      System.Numerics.Vectors (>= 4.4) - restriction: || (&& (== net50) (< netcoreapp2.0)) (== netstandard2.1)
      System.Runtime.CompilerServices.Unsafe (>= 4.5.3) - restriction: || (&& (== net50) (>= monotouch)) (&& (== net50) (>= net461)) (&& (== net50) (< netcoreapp2.0)) (&& (== net50) (< netcoreapp2.1)) (&& (== net50) (< netstandard1.1)) (&& (== net50) (< netstandard2.0)) (&& (== net50) (>= uap10.1)) (&& (== net50) (>= xamarinios)) (&& (== net50) (>= xamarinmac)) (&& (== net50) (>= xamarintvos)) (&& (== net50) (>= xamarinwatchos)) (== netstandard2.1)
    System.Net.Http.WinHttpHandler (5.0)
      System.Buffers (>= 4.5.1) - restriction: || (&& (== net50) (>= monotouch)) (&& (== net50) (>= net461)) (&& (== net50) (< netcoreapp2.0)) (&& (== net50) (>= xamarinios)) (&& (== net50) (>= xamarinmac)) (&& (== net50) (>= xamarintvos)) (&& (== net50) (>= xamarinwatchos)) (== netstandard2.1)
      System.Memory (>= 4.5.4) - restriction: || (&& (== net50) (>= net461)) (&& (== net50) (< netcoreapp2.0)) (&& (== net50) (< netcoreapp2.1)) (&& (== net50) (>= uap10.1)) (== netstandard2.1)
    System.Numerics.Vectors (4.5) - restriction: || (&& (== net50) (>= net461)) (&& (== net50) (< netcoreapp2.0)) (&& (== net50) (>= uap10.1)) (== netstandard2.1)
    System.Reflection.Emit.Lightweight (4.7)
    System.Runtime.CompilerServices.Unsafe (5.0) - restriction: || (&& (== net50) (>= monotouch)) (&& (== net50) (>= net461)) (&& (== net50) (< netcoreapp2.0)) (&& (== net50) (< netcoreapp2.1)) (&& (== net50) (< netstandard1.1)) (&& (== net50) (< netstandard2.0)) (&& (== net50) (>= uap10.1)) (== netstandard2.1)
    System.Security.AccessControl (5.0)
      Microsoft.NETCore.Platforms (>= 5.0) - restriction: || (== net50) (&& (== netstandard2.1) (>= netcoreapp2.0))
      System.Security.Principal.Windows (>= 5.0)
    System.Security.Cryptography.ProtectedData (5.0)
      System.Memory (>= 4.5.4) - restriction: || (&& (== net50) (< netcoreapp2.1)) (== netstandard2.1)
    System.Security.Permissions (5.0)
      System.Security.AccessControl (>= 5.0)
      System.Windows.Extensions (>= 5.0) - restriction: || (== net50) (&& (== netstandard2.1) (>= netcoreapp3.0))
    System.Security.Principal.Windows (5.0)
    System.Windows.Extensions (5.0) - restriction: || (== net50) (&& (== netstandard2.1) (>= netcoreapp3.0))
      System.Drawing.Common (>= 5.0) - restriction: || (== net50) (&& (== netstandard2.1) (>= netcoreapp3.0))
    Thoth.Json (5.1)
      Fable.Core (>= 3.1.6)
      FSharp.Core (>= 4.7.2)
    Thoth.Json.Net (5.0)
      Fable.Core (>= 3.0 < 4.0)
      FSharp.Core (>= 4.7.2)
      Newtonsoft.Json (>= 11.0.2)
